GEM
  remote: http://rubygems.org/
  specs:
    backports (3.17.1)
    chunky_png (1.3.11)
    coderay (1.1.2)
    fastest-csv (0.0.4)
    method_source (1.0.0)
    nmatrix (0.2.4)
      packable (~> 1.3, >= 1.3.5)
    packable (1.3.10)
      backports
    pry (0.13.1)
      coderay (~> 1.1)
      method_source (~> 1.0)

PLATFORMS
  ruby

DEPENDENCIES
  chunky_png
  fastest-csv
  nmatrix
  pry

BUNDLED WITH
   1.16.6
